GIT
  remote: https://github.com/UlyssesZh/discordrb.git
  revision: fb8d79736b69c4bd47a71694707d92183cd8904a
  branch: timeout
  specs:
    discordrb (3.5.0)
      base64 (~> 0.2.0)
      discordrb-webhooks (~> 3.5.0)
      ffi (>= 1.9.24)
      opus-ruby
      rest-client (>= 2.0.0)
      websocket-client-simple (>= 0.9.0)
    discordrb-webhooks (3.5.0)
      rest-client (>= 2.0.0)

GEM
  remote: https://rubygems.org/
  specs:
    any_ascii (0.3.3)
    base64 (0.2.0)
    concurrent-ruby (1.3.5)
    domain_name (0.6.20240107)
    event_emitter (0.2.6)
    ffi (1.17.2-x86_64-linux-gnu)
    http-accept (1.7.0)
    http-cookie (1.1.0)
      domain_name (~> 0.5)
    logger (1.7.0)
    mime-types (3.7.0)
      logger
      mime-types-data (~> 3.2025, >= 3.2025.0507)
    mime-types-data (3.2025.0924)
    mutex_m (0.3.0)
    netrc (0.11.0)
    opus-ruby (1.0.1)
      ffi
    rake (13.3.0)
    rest-client (2.1.0)
      http-accept (>= 1.7.0, < 2.0)
      http-cookie (>= 1.0.2, < 2.0)
      mime-types (>= 1.16, < 4.0)
      netrc (~> 0.8)
    ropencc (0.0.6)
      ffi (~> 1.0)
    sqlite3 (2.7.4-x86_64-linux-gnu)
    websocket (1.2.11)
    websocket-client-simple (0.9.0)
      base64
      event_emitter
      mutex_m
      websocket

PLATFORMS
  x86_64-linux

DEPENDENCIES
  any_ascii
  concurrent-ruby
  discordrb!
  rake
  ropencc
  sqlite3

BUNDLED WITH
   2.7.1
