GEM
  remote: https://rubygems.org/
  specs:
    any_ascii (0.3.2)
    concurrent-ruby (1.2.2)
    discordrb (3.5.0)
      discordrb-webhooks (~> 3.5.0)
      ffi (>= 1.9.24)
      opus-ruby
      rest-client (>= 2.0.0)
      websocket-client-simple (>= 0.3.0)
    discordrb-webhooks (3.5.0)
      rest-client (>= 2.0.0)
    domain_name (0.6.20231109)
    event_emitter (0.2.6)
    ffi (1.16.3)
    http-accept (1.7.0)
    http-cookie (1.0.5)
      domain_name (~> 0.5)
    mime-types (3.5.1)
      mime-types-data (~> 3.2015)
    mime-types-data (3.2023.1205)
    netrc (0.11.0)
    opus-ruby (1.0.1)
      ffi
    rake (13.1.0)
    rest-client (2.1.0)
      http-accept (>= 1.7.0, < 2.0)
      http-cookie (>= 1.0.2, < 2.0)
      mime-types (>= 1.16, < 4.0)
      netrc (~> 0.8)
    sqlite3 (1.7.0-x86_64-linux)
    websocket (1.2.10)
    websocket-client-simple (0.8.0)
      event_emitter
      websocket

PLATFORMS
  x86_64-linux

DEPENDENCIES
  any_ascii
  concurrent-ruby
  discordrb
  rake
  sqlite3

BUNDLED WITH
   2.5.3
